PATH
  remote: .
  specs:
    everything (0.0.1)

GEM
  remote: https://rubygems.org/
  specs:
    rake (13.0.3)

PLATFORMS
  ruby

DEPENDENCIES
  bundler (~> 1.3)
  everything!
  rake
